PATH
  remote: .
  specs:
    lims-core (3.2.0)
      activesupport
      aequitas
      bunny (= 0.9.0.pre10)
      dm-validations
      facets (= 2.9.3)
      modularity (= 0.6.1)
      sequel
      state_machine
      uuid
      virtus (= 0.2.0)

GEM
  remote: http://rubygems.org/
  specs:
    ZenTest (4.9.3)
    activesupport (3.0.0)
    addressable (2.3.6)
    aequitas (0.0.2)
    amq-protocol (1.9.2)
    autotest (4.4.6)
      ZenTest (>= 4.4.1)
    autotest-fsevent (0.2.8)
      sys-uname
    autotest-growl (0.2.16)
    blankslate (2.1.2.4)
    bluecloth (2.2.0)
    bond (0.4.3)
    bunny (0.9.0.pre10)
      amq-protocol (>= 1.4.0)
    coderay (1.0.9)
    columnize (0.3.6)
    debugger (1.6.1)
      columnize (>= 0.3.1)
      debugger-linecache (~> 1.2.0)
      debugger-ruby_core_source (~> 1.2.3)
    debugger-completion (1.0.0)
      bond (>= 0.4.2)
      debugger (~> 1.1)
    debugger-linecache (1.2.0)
    debugger-pry (0.1.1)
      debugger (~> 1)
      pry (>= 0.9.9)
    debugger-ruby_core_source (1.2.3)
    diff-lcs (1.1.3)
    dm-core (1.2.1)
      addressable (~> 2.3)
    dm-validations (1.2.0)
      dm-core (~> 1.2.0)
    facets (2.9.3)
    ffi (1.9.0)
    formatador (0.2.4)
    gli (2.7.0)
    guard (1.8.2)
      formatador (>= 0.2.4)
      listen (>= 1.0.0)
      lumberjack (>= 1.0.2)
      pry (>= 0.9.10)
      thor (>= 0.14.6)
    guard-bundler (1.0.0)
      bundler (~> 1.0)
      guard (~> 1.1)
    guard-rspec (1.2.1)
      guard (>= 1.1)
    guard-yard (2.1.0)
      guard (>= 1.1.0)
      yard (>= 0.7.0)
    jdbc-mysql (5.1.27)
    jdbc-sqlite3 (3.7.2.1)
    jrjackson (0.2.3)
    json (1.8.0)
    listen (1.3.0)
      rb-fsevent (>= 0.9.3)
      rb-inotify (>= 0.9)
      rb-kqueue (>= 0.2)
    lumberjack (1.0.4)
    macaddr (1.6.7)
      systemu (~> 2.6.2)
    method_source (0.8.2)
    mini_portile (0.5.1)
    modularity (0.6.1)
    mysql2 (0.3.13)
      blankslate (~> 2.0)
    nokogiri (1.6.0)
      mini_portile (~> 0.5.0)
    oj (2.1.7)
    parslet (1.5.0)
    pry (0.9.12.2)
      coderay (~> 1.0.5)
      method_source (~> 0.8)
      slop (~> 3.4)
    rack (1.5.2)
    rack-protection (1.5.0)
      rack
    rake (10.1.0)
    rb-fsevent (0.9.3)
    rb-inotify (0.9.1)
      ffi (>= 0.5.0)
    rb-kqueue (0.2.0)
      ffi (>= 0.5.0)
    redcarpet (3.0.0)
    rspec (2.8.0)
      rspec-core (~> 2.8.0)
      rspec-expectations (~> 2.8.0)
      rspec-mocks (~> 2.8.0)
    rspec-core (2.8.0)
    rspec-expectations (2.8.0)
      diff-lcs (~> 1.1.2)
    rspec-mocks (2.8.0)
    ruby-debug (0.10.4)
      columnize (>= 0.1)
      ruby-debug-base (~> 0.10.4.0)
    ruby-debug-base (0.10.4-java)
    ruby-graphviz (1.0.8)
    ruby-prof (0.13.0)
    sequel (4.8.0)
    showoff (0.7.0)
      bluecloth
      gli (>= 1.3.2)
      json
      nokogiri
      parslet
      sinatra
    sinatra (1.4.3)
      rack (~> 1.4)
      rack-protection (~> 1.4)
      tilt (~> 1.3, >= 1.3.4)
    slop (3.4.6)
    sqlite3 (1.3.8)
    state_machine (1.2.0)
    sys-uname (0.9.2)
      ffi (>= 1.0.0)
    systemu (2.6.4)
    terminal-notifier-guard (1.5.3)
    thor (0.18.1)
    tilt (1.4.1)
    uuid (2.3.7)
      macaddr (~> 1.0)
    virtus (0.2.0)
    yard (0.7.3)
    yard-rspec (0.1)
      yard
    yard-state_machine (0.0.1)
      ruby-graphviz (~> 1.0.0)
      yard (~> 0.7.3)

PLATFORMS
  java
  ruby

DEPENDENCIES
  autotest
  autotest-fsevent
  autotest-growl
  debugger
  debugger-completion
  debugger-pry
  guard (>= 1.3.0)
  guard-bundler
  guard-rspec
  guard-yard
  jdbc-mysql
  jdbc-sqlite3
  jrjackson
  lims-core!
  mysql2
  oj
  rake
  rb-fsevent (~> 0.9.1)
  redcarpet
  rspec (~> 2)
  ruby-debug
  ruby-graphviz
  ruby-prof
  showoff
  sqlite3
  terminal-notifier-guard
  yard (= 0.7.3)
  yard-rspec (= 0.1)
  yard-state_machine
